GIT
  remote: git://github.com/BrandyMint/capistrano-recipes0.git
  revision: 44e1892d7cac79013dd2ea7b0d0e8577a8d89b25
  specs:
    capistrano-recipes0 (1.2.0)
      capistrano (>= 2.0.0)

GEM
  remote: https://rubygems.org/
  specs:
    capistrano (2.15.5)
      highline
      net-scp (>= 1.0.0)
      net-sftp (>= 2.0.0)
      net-ssh (>= 2.0.14)
      net-ssh-gateway (>= 1.1.0)
    capistrano-platform-resources (0.1.3)
      capistrano (< 3)
    capistrano-rbenv (1.0.5)
      capistrano (< 3)
      capistrano-platform-resources (>= 0.1.3)
    coffee-script (2.2.0)
      coffee-script-source
      execjs
    coffee-script-source (1.6.2)
    execjs (1.4.0)
      multi_json (~> 1.0)
    highline (1.6.19)
    hike (1.2.2)
    kgio (2.8.0)
    multi_json (1.7.2)
    net-scp (1.1.2)
      net-ssh (>= 2.6.5)
    net-sftp (2.1.2)
      net-ssh (>= 2.6.5)
    net-ssh (2.6.8)
    net-ssh-gateway (1.2.0)
      net-ssh (>= 2.6.5)
    rack (1.5.2)
    rack-protection (1.5.0)
      rack
    raindrops (0.11.0)
    settingslogic (2.0.9)
    sinatra (1.4.3)
      rack (~> 1.4)
      rack-protection (~> 1.4)
      tilt (~> 1.3, >= 1.3.4)
    sprockets (2.2.2)
      hike (~> 1.2)
      multi_json (~> 1.0)
      rack (~> 1.0)
      tilt (~> 1.1, != 1.3.0)
    sprockets-helpers (1.0.1)
      sprockets (~> 2.0)
    tilt (1.4.1)
    unicorn (4.6.3)
      kgio (~> 2.6)
      rack
      raindrops (~> 0.7)

PLATFORMS
  ruby

DEPENDENCIES
  capistrano
  capistrano-rbenv
  capistrano-recipes0 (>= 1.1.0)!
  coffee-script
  settingslogic
  sinatra
  sprockets
  sprockets-helpers
  unicorn
